GEM
  remote: https://rubygems.org/
  specs:
    gruff (0.3.6)
    minitest (2.11.2)
    rake (0.9.2.2)
    rmagick (2.13.1)
    tactful_tokenizer (0.0.2)

PLATFORMS
  ruby

DEPENDENCIES
  gruff
  minitest (~> 2.11.0)
  rake
  rmagick
  tactful_tokenizer
