GEM
  remote: https://rubygems.org/
  specs:
    minitest (2.11.2)
    rake (0.9.2.2)

PLATFORMS
  ruby

DEPENDENCIES
  minitest (~> 2.11.0)
  rake
